GEM
  remote: http://rubygems.org/
  specs:
    addressable (2.2.7)
    multi_json (1.1.0)
    promise (0.3.0)
    rack (1.4.1)
    rack-protection (1.2.0)
      rack
    simple_oauth (0.1.5)
    sinatra (1.3.2)
      rack (~> 1.3, >= 1.3.6)
      rack-protection (~> 1.2)
      tilt (~> 1.3, >= 1.3.3)
    tilt (1.3.3)
    weary (1.0.0)
      addressable (~> 2.2.7)
      multi_json (~> 1.1.0)
      promise (~> 0.3.0)
      rack (~> 1.4.0)
      simple_oauth (~> 0.1.5)

PLATFORMS
  ruby

DEPENDENCIES
  sinatra
  weary
